GEM
  specs:
    abstract (1.0.0)
    actionmailer (3.0.4)
      actionpack (= 3.0.4)
      mail (~> 2.2.15)
    actionpack (3.0.4)
      activemodel (= 3.0.4)
      activesupport (= 3.0.4)
      builder (~> 2.1.2)
      erubis (~> 2.6.6)
      i18n (~> 0.4)
      rack (~> 1.2.1)
      rack-mount (~> 0.6.13)
      rack-test (~> 0.5.7)
      tzinfo (~> 0.3.23)
    activemodel (3.0.4)
      activesupport (= 3.0.4)
      builder (~> 2.1.2)
      i18n (~> 0.4)
    activerecord (3.0.4)
      activemodel (= 3.0.4)
      activesupport (= 3.0.4)
      arel (~> 2.0.2)
      tzinfo (~> 0.3.23)
    activeresource (3.0.4)
      activemodel (= 3.0.4)
      activesupport (= 3.0.4)
    activesupport (3.0.4)
    acts_as_list (0.1.2)
    arel (2.0.9)
    authlogic (2.1.6)
      activesupport
    builder (2.1.2)
    cancan (1.6.2)
    cucumber (0.10.2)
      builder (>= 2.1.2)
      diff-lcs (>= 1.1.2)
      gherkin (>= 2.3.5)
      json (>= 1.4.6)
      term-ansicolor (>= 1.0.5)
    diff-lcs (1.1.2)
    dummy (0.9.1)
    dummy_data (0.9.1)
      dummy (>= 0.9.1)
      rails (>= 3.0.0)
    erubis (2.6.6)
      abstract (>= 1.0.0)
    fakeldap (0.0.1)
    faker (0.9.5)
      i18n (~> 0.4)
    fastercsv (1.5.4)
    gherkin (2.3.5)
      json (>= 1.4.6)
    haml (3.0.25)
    hashie (1.0.0)
    humanizer (2.4.3)
    i18n (0.5.0)
    json (1.5.1)
    mail (2.2.15)
      activesupport (>= 2.3.6)
      i18n (>= 0.4.0)
      mime-types (~> 1.16)
      treetop (~> 1.4.8)
    meta_where (1.0.4)
      activerecord (~> 3.0.0)
      activesupport (~> 3.0.0)
      arel (~> 2.0.7)
    mime-types (1.16)
    mysql2 (0.2.6)
    netzke-basepack (0.6.4)
      acts_as_list
      meta_where (>= 0.9.3)
      netzke-core (~> 0.6.4)
      will_paginate (~> 3.0.pre2)
    netzke-core (0.6.6)
      activesupport (>= 3.0.1)
    netzke-persistence (0.1.0)
    netzke_config (0.3.0)
      thor (>= 0.13.6)
    netzke_widget_generators (0.1.0)
    paperclip (2.3.8)
      activerecord
      activesupport
    pdfkit (0.5.0)
    polyglot (0.3.1)
    rack (1.2.2)
    rack-mount (0.6.13)
      rack (>= 1.0.0)
    rack-test (0.5.7)
      rack (>= 1.0)
    railroad (0.5.0)
    rails (3.0.4)
      actionmailer (= 3.0.4)
      actionpack (= 3.0.4)
      activerecord (= 3.0.4)
      activeresource (= 3.0.4)
      activesupport (= 3.0.4)
      bundler (~> 1.0)
      railties (= 3.0.4)
    rails3-generators (0.17.4)
      railties (>= 3.0.0)
    railties (3.0.4)
      actionpack (= 3.0.4)
      activesupport (= 3.0.4)
      rake (>= 0.8.7)
      thor (~> 0.14.4)
    rake (0.8.7)
    rspec (2.5.0)
      rspec-core (~> 2.5.0)
      rspec-expectations (~> 2.5.0)
      rspec-mocks (~> 2.5.0)
    rspec-core (2.5.1)
    rspec-expectations (2.5.0)
      diff-lcs (~> 1.1.2)
    rspec-mocks (2.5.0)
    rspec-rails (2.5.0)
      actionpack (~> 3.0)
      activesupport (~> 3.0)
      railties (~> 3.0)
      rspec (~> 2.5.0)
    sass (3.1.0.alpha.249)
    sqlite3 (1.3.3)
    sqlite3-ruby (1.3.3)
      sqlite3 (>= 1.3.3)
    term-ansicolor (1.0.5)
    thor (0.14.6)
    treetop (1.4.9)
      polyglot (>= 0.3.1)
    tzinfo (0.3.25)
    wicked_pdf (0.6.0)
    will_paginate (3.0.pre2)

PLATFORMS
  ruby

DEPENDENCIES
  authlogic
  cancan
  cucumber
  dummy
  dummy_data
  fakeldap
  faker
  fastercsv
  haml
  hashie
  humanizer
  mysql2
  netzke-basepack (= 0.6.4)
  netzke-core (= 0.6.6)
  netzke-persistence
  netzke_config
  netzke_widget_generators
  paperclip
  pdfkit
  railroad
  rails (= 3.0.4)
  rails3-generators
  rspec-rails (>= 2.5.0)
  sass
  sqlite3-ruby
  wicked_pdf
  will_paginate (~> 3.0.pre2)
