GIT
  remote: http://github.com/skozlov/netzke-basepack.git
  revision: 18815175ae7aa32753af10806f071d7ae83c8bed
  specs:
    netzke-basepack (0.6.4)
      acts_as_list
      meta_where (>= 0.9.3)
      netzke-core (~> 0.6.4)
      will_paginate (~> 3.0.pre2)

GIT
  remote: http://github.com/skozlov/netzke-core.git
  revision: 5299a0c9c1008c9b070bd2ca8d1ca1df2cddb108
  specs:
    netzke-core (0.6.6)
      activesupport (>= 3.0.1)

GIT
  remote: http://github.com/skozlov/netzke-persistence.git
  revision: 9ec27e397661989cff0d765b5849452c77ca0036
  specs:
    netzke-persistence (0.1.1)

GEM
  remote: http://rubygems.org/
  specs:
    abstract (1.0.0)
    actionmailer (3.0.3)
      actionpack (= 3.0.3)
      mail (~> 2.2.9)
    actionpack (3.0.3)
      activemodel (= 3.0.3)
      activesupport (= 3.0.3)
      builder (~> 2.1.2)
      erubis (~> 2.6.6)
      i18n (~> 0.4)
      rack (~> 1.2.1)
      rack-mount (~> 0.6.13)
      rack-test (~> 0.5.6)
      tzinfo (~> 0.3.23)
    activemodel (3.0.3)
      activesupport (= 3.0.3)
      builder (~> 2.1.2)
      i18n (~> 0.4)
    activerecord (3.0.3)
      activemodel (= 3.0.3)
      activesupport (= 3.0.3)
      arel (~> 2.0.2)
      tzinfo (~> 0.3.23)
    activeresource (3.0.3)
      activemodel (= 3.0.3)
      activesupport (= 3.0.3)
    activesupport (3.0.3)
    acts_as_list (0.1.2)
    arel (2.0.8)
    authlogic (2.1.6)
      activesupport
    builder (2.1.2)
    diff-lcs (1.1.2)
    dummy (0.9.1)
    dummy_data (0.9.1)
      dummy (>= 0.9.1)
      rails (>= 3.0.0)
    erubis (2.6.6)
      abstract (>= 1.0.0)
    fakeldap (0.0.1)
    faker (0.9.5)
      i18n (~> 0.4)
    haml (3.1.0.alpha.147)
    hashie (1.0.0)
    i18n (0.5.0)
    mail (2.2.15)
      activesupport (>= 2.3.6)
      i18n (>= 0.4.0)
      mime-types (~> 1.16)
      treetop (~> 1.4.8)
    meta_where (1.0.1)
      activerecord (~> 3.0.2)
      activesupport (~> 3.0.2)
      arel (~> 2.0.2)
    mime-types (1.16)
    minitest (2.0.2)
    mysql2 (0.2.6)
    netzke_config (0.3.0)
      thor (>= 0.13.6)
    netzke_widget_generators (0.1.0)
    polyglot (0.3.1)
    rack (1.2.1)
    rack-mount (0.6.13)
      rack (>= 1.0.0)
    rack-test (0.5.7)
      rack (>= 1.0)
    railroad (0.5.0)
    rails (3.0.3)
      actionmailer (= 3.0.3)
      actionpack (= 3.0.3)
      activerecord (= 3.0.3)
      activeresource (= 3.0.3)
      activesupport (= 3.0.3)
      bundler (~> 1.0)
      railties (= 3.0.3)
    rails3-generators (0.17.4)
      railties (>= 3.0.0)
    railties (3.0.3)
      actionpack (= 3.0.3)
      activesupport (= 3.0.3)
      rake (>= 0.8.7)
      thor (~> 0.14.4)
    rake (0.8.7)
    rspec (2.5.0)
      rspec-core (~> 2.5.0)
      rspec-expectations (~> 2.5.0)
      rspec-mocks (~> 2.5.0)
    rspec-core (2.5.1)
    rspec-expectations (2.5.0)
      diff-lcs (~> 1.1.2)
    rspec-mocks (2.5.0)
    rspec-rails (2.5.0)
      actionpack (~> 3.0)
      activesupport (~> 3.0)
      railties (~> 3.0)
      rspec (~> 2.5.0)
    sass (3.1.0.alpha.221)
    sqlite3 (1.3.3)
    sqlite3-ruby (1.3.3)
      sqlite3 (>= 1.3.3)
    thor (0.14.6)
    treetop (1.4.9)
      polyglot (>= 0.3.1)
    tzinfo (0.3.24)
    will_paginate (3.0.pre2)

PLATFORMS
  ruby

DEPENDENCIES
  authlogic
  dummy
  dummy_data
  fakeldap
  faker
  haml
  hashie
  minitest
  mysql2
  netzke-basepack!
  netzke-core!
  netzke-persistence!
  netzke_config
  netzke_widget_generators
  railroad
  rails (>= 3.0.3)
  rails3-generators
  rspec-rails (>= 2.5.0)
  sass
  sqlite3-ruby
  will_paginate (~> 3.0.pre2)
